PATH
  remote: .
  specs:
    novawhiz (0.0.1)
      net-ssh-simple
      openstack

GEM
  remote: http://rubygems.org/
  specs:
    blockenspiel (0.4.5)
    hashie (1.2.0)
    json (1.7.5)
    net-scp (1.0.4)
      net-ssh (>= 1.99.1)
    net-ssh (2.2.2)
    net-ssh-simple (1.5.4)
      blockenspiel (~> 0.4.3)
      hashie (>= 1.1.0)
      net-scp (~> 1.0.4)
      net-ssh (~> 2.2.1)
    openstack (1.0.4)
      json

PLATFORMS
  java
  ruby

DEPENDENCIES
  novawhiz!
